GEM
  remote: https://rubygems.org/
  specs:
    actionmailer (4.0.4)
      actionpack (= 4.0.4)
      mail (~> 2.5.4)
    actionpack (4.0.4)
      activesupport (= 4.0.4)
      builder (~> 3.1.0)
      erubis (~> 2.7.0)
      rack (~> 1.5.2)
      rack-test (~> 0.6.2)
    activemodel (4.0.4)
      activesupport (= 4.0.4)
      builder (~> 3.1.0)
    activerecord (4.0.4)
      activemodel (= 4.0.4)
      activerecord-deprecated_finders (~> 1.0.2)
      activesupport (= 4.0.4)
      arel (~> 4.0.0)
    activerecord-deprecated_finders (1.0.3)
    activesupport (4.0.4)
      i18n (~> 0.6, >= 0.6.9)
      minitest (~> 4.2)
      multi_json (~> 1.3)
      thread_safe (~> 0.1)
      tzinfo (~> 0.3.37)
    arel (4.0.2)
    atomic (1.1.16)
    bcrypt (3.1.7)
    builder (3.1.4)
    capistrano (3.1.0)
      i18n
      rake (>= 10.0.0)
      sshkit (~> 1.3)
    capistrano-bundler (1.1.2)
      capistrano (~> 3.0)
      sshkit (~> 1.2)
    capistrano-rails (1.1.1)
      capistrano (~> 3.1)
      capistrano-bundler (~> 1.1)
    capistrano-rvm (0.1.1)
      capistrano (~> 3.0)
      sshkit (~> 1.2)
    coderay (1.1.0)
    columnize (0.3.6)
    daemons (1.1.9)
    debugger (1.6.6)
      columnize (>= 0.3.1)
      debugger-linecache (~> 1.2.0)
      debugger-ruby_core_source (~> 1.3.2)
    debugger-linecache (1.2.0)
    debugger-ruby_core_source (1.3.2)
    devise (3.2.4)
      bcrypt (~> 3.0)
      orm_adapter (~> 0.1)
      railties (>= 3.2.6, < 5)
      thread_safe (~> 0.1)
      warden (~> 1.2.3)
    erubis (2.7.0)
    eventmachine (1.0.3)
    execjs (2.0.2)
    haml (4.0.5)
      tilt
    hike (1.2.3)
    httparty (0.13.0)
      json (~> 1.8)
      multi_xml (>= 0.5.2)
    i18n (0.6.9)
    json (1.8.1)
    kaminari (0.15.1)
      actionpack (>= 3.0.0)
      activesupport (>= 3.0.0)
    libv8 (3.16.14.3)
    mail (2.5.4)
      mime-types (~> 1.16)
      treetop (~> 1.4.8)
    mailcatcher (0.2.4)
      eventmachine
      haml
      i18n
      json
      mail
      sinatra
      skinny (>= 0.1.2)
      sqlite3-ruby
      thin
    method_source (0.8.2)
    mime-types (1.25.1)
    minitest (4.7.5)
    multi_json (1.9.2)
    multi_xml (0.5.5)
    mysql2 (0.3.15)
    net-scp (1.1.2)
      net-ssh (>= 2.6.5)
    net-ssh (2.8.0)
    orm_adapter (0.5.0)
    polyglot (0.3.4)
    protected_attributes (1.0.7)
      activemodel (>= 4.0.1, < 5.0)
    pry (0.9.12.6)
      coderay (~> 1.0)
      method_source (~> 0.8)
      slop (~> 3.4)
    rack (1.5.2)
    rack-protection (1.5.2)
      rack
    rack-test (0.6.2)
      rack (>= 1.0)
    rails (4.0.4)
      actionmailer (= 4.0.4)
      actionpack (= 4.0.4)
      activerecord (= 4.0.4)
      activesupport (= 4.0.4)
      bundler (>= 1.3.0, < 2.0)
      railties (= 4.0.4)
      sprockets-rails (~> 2.0.0)
    railties (4.0.4)
      actionpack (= 4.0.4)
      activesupport (= 4.0.4)
      rake (>= 0.8.7)
      thor (>= 0.18.1, < 2.0)
    rake (10.2.2)
    ref (1.0.5)
    role_model (0.8.1)
    sinatra (1.4.4)
      rack (~> 1.4)
      rack-protection (~> 1.4)
      tilt (~> 1.3, >= 1.3.4)
    skinny (0.2.3)
      eventmachine (~> 1.0.0)
      thin (~> 1.5.0)
    slop (3.5.0)
    sprockets (2.12.0)
      hike (~> 1.2)
      multi_json (~> 1.0)
      rack (~> 1.0)
      tilt (~> 1.1, != 1.3.0)
    sprockets-rails (2.0.1)
      actionpack (>= 3.0)
      activesupport (>= 3.0)
      sprockets (~> 2.8)
    sqlite3 (1.3.9)
    sqlite3-ruby (1.3.3)
      sqlite3 (>= 1.3.3)
    sshkit (1.3.0)
      net-scp (>= 1.1.2)
      net-ssh
      term-ansicolor
    term-ansicolor (1.3.0)
      tins (~> 1.0)
    therubyracer (0.12.1)
      libv8 (~> 3.16.14.0)
      ref
    thin (1.5.1)
      daemons (>= 1.0.9)
      eventmachine (>= 0.12.6)
      rack (>= 1.0.0)
    thor (0.19.1)
    thread_safe (0.3.1)
      atomic (>= 1.1.7, < 2)
    tilt (1.4.1)
    tins (1.0.1)
    treetop (1.4.15)
      polyglot
      polyglot (>= 0.3.1)
    tzinfo (0.3.39)
    uglifier (2.5.0)
      execjs (>= 0.3.0)
      json (>= 1.8.0)
    warden (1.2.3)
      rack (>= 1.0)

PLATFORMS
  ruby

DEPENDENCIES
  capistrano
  capistrano-bundler
  capistrano-rails (~> 1.1.0)
  capistrano-rvm
  debugger
  devise (~> 3.2.2)
  httparty
  kaminari
  mailcatcher
  mysql2
  protected_attributes
  pry
  rails (= 4.0.4)
  role_model
  therubyracer
  thin
  uglifier (>= 1.0.3)
